GEM
  remote: https://rubygems.org/
  specs:
    airbrussh (1.2.0)
      sshkit (>= 1.6.1, != 1.7.0)
    capistrano (3.8.1)
      airbrussh (>= 1.0.0)
      i18n
      rake (>= 10.0.0)
      sshkit (>= 1.9.0)
    capistrano-bundler (1.2.0)
      capistrano (~> 3.1)
      sshkit (~> 1.2)
    capistrano-chruby (0.1.2)
      capistrano (~> 3.0)
      sshkit (~> 1.3)
    capistrano-passenger (0.2.0)
      capistrano (~> 3.0)
    i18n (0.8.1)
    net-scp (1.2.1)
      net-ssh (>= 2.6.5)
    net-ssh (4.1.0)
    rack (2.0.3)
    rake (12.0.0)
    resonad (1.2.0)
    roda (2.26.0)
      rack
    slim (3.0.8)
      temple (>= 0.7.6, < 0.9)
      tilt (>= 1.3.3, < 2.1)
    sshkit (1.13.1)
      net-scp (>= 1.1.2)
      net-ssh (>= 2.8.0)
    temple (0.8.0)
    tilt (2.0.7)
    wavefile (0.8.1)

PLATFORMS
  ruby

DEPENDENCIES
  capistrano (~> 3.8.1)
  capistrano-bundler (~> 1.2)
  capistrano-chruby (~> 0.1)
  capistrano-passenger (~> 0.2)
  resonad (~> 1.2)
  roda (~> 2.26)
  slim (~> 3.0.8)
  wavefile (~> 0.8.1)

BUNDLED WITH
   1.14.6
