GEM
  remote: https://rubygems.org/
  specs:
    wavefile (0.8.1)

PLATFORMS
  ruby

DEPENDENCIES
  wavefile

BUNDLED WITH
   1.14.6
