GEM
  remote: https://rubygems.org/
  specs:
    rack (2.0.3)
    resonad (1.2.0)
    roda (2.26.0)
      rack
    slim (3.0.8)
      temple (>= 0.7.6, < 0.9)
      tilt (>= 1.3.3, < 2.1)
    temple (0.8.0)
    tilt (2.0.7)
    wavefile (0.8.1)

PLATFORMS
  ruby

DEPENDENCIES
  resonad (~> 1.2)
  roda (~> 2.26)
  slim (~> 3.0.8)
  wavefile (~> 0.8.1)

BUNDLED WITH
   1.14.6
